GEM
  remote: http://rubygems.org/
  specs:
    activesupport (4.0.0)
      i18n (~> 0.6, >= 0.6.4)
      minitest (~> 4.2)
      multi_json (~> 1.3)
      thread_safe (~> 0.1)
      tzinfo (~> 0.3.37)
    addressable (2.3.5)
    atomic (1.1.13)
    bcrypt-ruby (3.1.2)
    builder (3.2.2)
    celluloid (0.15.0)
      timers (~> 1.1.0)
    celluloid-io (0.15.0)
      celluloid (>= 0.15.0)
      nio4r (>= 0.5.0)
    coderay (1.0.9)
    data_mapper (1.2.0)
      dm-aggregates (~> 1.2.0)
      dm-constraints (~> 1.2.0)
      dm-core (~> 1.2.0)
      dm-migrations (~> 1.2.0)
      dm-serializer (~> 1.2.0)
      dm-timestamps (~> 1.2.0)
      dm-transactions (~> 1.2.0)
      dm-types (~> 1.2.0)
      dm-validations (~> 1.2.0)
    diff-lcs (1.2.4)
    dm-aggregates (1.2.0)
      dm-core (~> 1.2.0)
    dm-constraints (1.2.0)
      dm-core (~> 1.2.0)
    dm-core (1.2.1)
      addressable (~> 2.3)
    dm-migrations (1.2.0)
      dm-core (~> 1.2.0)
    dm-serializer (1.2.2)
      dm-core (~> 1.2.0)
      fastercsv (~> 1.5)
      json (~> 1.6)
      json_pure (~> 1.6)
      multi_json (~> 1.0)
    dm-timestamps (1.2.0)
      dm-core (~> 1.2.0)
    dm-transactions (1.2.0)
      dm-core (~> 1.2.0)
    dm-types (1.2.2)
      bcrypt-ruby (~> 3.0)
      dm-core (~> 1.2.0)
      fastercsv (~> 1.5)
      json (~> 1.6)
      multi_json (~> 1.0)
      stringex (~> 1.4)
      uuidtools (~> 2.1)
    dm-validations (1.2.0)
      dm-core (~> 1.2.0)
    faraday (0.8.8)
      multipart-post (~> 1.2.0)
    fastercsv (1.5.5)
    ffi (1.9.0)
    formatador (0.2.4)
    git (1.2.6)
    github_api (0.10.1)
      addressable
      faraday (~> 0.8.1)
      hashie (>= 1.2)
      multi_json (~> 1.4)
      nokogiri (~> 1.5.2)
      oauth2
    given_core (3.1.1)
      sorcerer (>= 0.3.7)
    guard (1.8.2)
      formatador (>= 0.2.4)
      listen (>= 1.0.0)
      lumberjack (>= 1.0.2)
      pry (>= 0.9.10)
      thor (>= 0.14.6)
    guard-rspec (3.0.2)
      guard (>= 1.8)
      rspec (~> 2.13)
    hashie (2.0.5)
    highline (1.6.19)
    httpauth (0.2.0)
    i18n (0.6.5)
    jeweler (1.8.7)
      builder
      bundler (~> 1.0)
      git (>= 1.2.5)
      github_api (= 0.10.1)
      highline (>= 1.6.15)
      nokogiri (= 1.5.10)
      rake
      rdoc
    json (1.8.0)
    json_pure (1.8.0)
    jwt (0.1.8)
      multi_json (>= 1.5)
    listen (1.3.0)
      rb-fsevent (>= 0.9.3)
      rb-inotify (>= 0.9)
      rb-kqueue (>= 0.2)
    lumberjack (1.0.4)
    method_source (0.8.2)
    minitest (4.7.5)
    multi_json (1.7.9)
    multi_xml (0.5.5)
    multipart-post (1.2.0)
    nio4r (0.5.0)
    nokogiri (1.5.10)
    oauth2 (0.9.2)
      faraday (~> 0.8)
      httpauth (~> 0.2)
      jwt (~> 0.1.4)
      multi_json (~> 1.0)
      multi_xml (~> 0.5)
      rack (~> 1.2)
    pry (0.9.12.2)
      coderay (~> 1.0.5)
      method_source (~> 0.8)
      slop (~> 3.4)
    rack (1.5.2)
    rake (10.1.0)
    rb-fsevent (0.9.3)
    rb-inotify (0.9.1)
      ffi (>= 0.5.0)
    rb-kqueue (0.2.0)
      ffi (>= 0.5.0)
    rdoc (3.12.2)
      json (~> 1.4)
    rspec (2.14.1)
      rspec-core (~> 2.14.0)
      rspec-expectations (~> 2.14.0)
      rspec-mocks (~> 2.14.0)
    rspec-core (2.14.5)
    rspec-expectations (2.14.2)
      diff-lcs (>= 1.1.3, < 2.0)
    rspec-given (3.1.1)
      given_core (= 3.1.1)
      rspec (>= 2.12)
    rspec-mocks (2.14.3)
    slop (3.4.6)
    sorcerer (1.0.2)
    stringex (1.5.1)
    thor (0.18.1)
    thread_safe (0.1.2)
      atomic
    timers (1.1.0)
    tzinfo (0.3.37)
    uuidtools (2.1.4)

PLATFORMS
  ruby

DEPENDENCIES
  activesupport
  bundler (~> 1.0)
  celluloid
  celluloid-io
  data_mapper
  guard
  guard-rspec
  jeweler (~> 1.8.7)
  rdoc (~> 3.12)
  rspec
  rspec-given
